NUGET
  remote: https://nuget.org/api/v2
  specs:
    Fixie (1.0.0.33)
    FubuCore (1.3.0.278)
    Newtonsoft.Json (7.0.1)
    Npgsql (3.0.3)
    Remotion.Linq (2.0.0)
    Shouldly (2.6.0)
    structuremap (4.0.0.272-alpha)
