NUGET
  remote: https://www.nuget.org/api/v2
  specs:
    AjaxMin (5.14.5506.26202)
    Baseline (0.5.0.7)
    Cassette (2.4.2)
      AjaxMin (>= 4.84) - framework: >= net35
      Iesi.Collections (< 4.0) - framework: net35
    Cassette.Nancy (2.2.1)
      Cassette
      Nancy (>= 0.23)
      Nancy.Viewengines.Razor (>= 0.23)
      NLog
    elmah (1.2.2)
      elmah.corelibrary (>= 1.2.2)
    elmah.corelibrary (1.2.2)
    Fixie (1.0.1)
    HtmlTags (3.0.0.186)
    Iesi.Collections (3.4.1.4000) - framework: net35
    ILRepack (2.0.10)
    Jil (2.14.3)
      Sigil (>= 4.6.1)
    Microsoft.AspNet.Razor (3.2.3)
    Microsoft.Bcl (1.1.10) - framework: net10, net11, net20, net30, net35, net40, net40-full
      Microsoft.Bcl.Build (>= 1.0.14)
    Microsoft.Bcl.Build (1.0.21) - import_targets: false, framework: net10, net11, net20, net30, net35, net40, net40-full
    Microsoft.CSharp (4.0.1-beta-23516) - framework: dnxcore50
      System.Collections (>= 4.0.10) - framework: dnxcore50
      System.Diagnostics.Debug (>= 4.0.10) - framework: dnxcore50
      System.Dynamic.Runtime (>= 4.0) - framework: dnxcore50
      System.Globalization (>= 4.0.10) - framework: dnxcore50
      System.Linq (>= 4.0) - framework: dnxcore50
      System.Linq.Expressions (>= 4.0) - framework: dnxcore50
      System.ObjectModel (>= 4.0.10) - framework: dnxcore50
      System.Reflection (>= 4.0.10) - framework: dnxcore50
      System.Reflection.Extensions (>= 4.0) - framework: dnxcore50
      System.Reflection.Primitives (>= 4.0) - framework: dnxcore50
      System.Reflection.TypeExtensions (>= 4.0) - framework: dnxcore50
      System.Resources.ResourceManager (>= 4.0) - framework: dnxcore50
      System.Runtime (>= 4.0) - framework: dnxcore50
      System.Runtime (>= 4.0.20) - framework: dnxcore50
      System.Runtime.Extensions (>= 4.0.10) - framework: dnxcore50
      System.Runtime.InteropServices (>= 4.0.20) - framework: dnxcore50
      System.Threading (>= 4.0.10) - framework: dnxcore50
    Microsoft.Net.Http (2.2.29) - framework: net10, net11, net20, net30, net35, net40, net40-full
      Microsoft.Bcl (>= 1.1.10)
      Microsoft.Bcl.Build (>= 1.0.14)
    Microsoft.Win32.Primitives (4.0.1-rc2-24027) - framework: >= netstandard13
      System.Runtime (>= 4.1.0-rc2-24027) - framework: >= netstandard13
    Nancy (1.4.3)
    Nancy.Authentication.Forms (1.4.1)
      Nancy (>= 1.4.1)
    Nancy.Hosting.Aspnet (1.4.1)
      Nancy (>= 1.4.1)
    Nancy.RouteHelpers (1.0.6)
    Nancy.Validation.DataAnnotations (1.4.1)
      Nancy (>= 1.4.1)
    Nancy.Viewengines.Razor (1.4.3)
      Microsoft.AspNet.Razor  - framework: net10, net11, net20, net30, net35
      Microsoft.AspNet.Razor (>= 2.0.30506) - framework: >= net40
      Nancy (>= 1.4.3)
    Newtonsoft.Json (8.0.3)
    NLog (4.3.4)
    Npgsql (3.1.2)
      Microsoft.Win32.Primitives (>= 4.0.1-rc2-24027) - framework: >= netstandard13
      System.Collections.Concurrent (>= 4.0.12-rc2-24027) - framework: >= netstandard13
      System.ComponentModel (>= 4.0.1-rc2-24027) - framework: >= netstandard13
      System.ComponentModel.TypeConverter (>= 4.0.1-rc2-24027) - framework: >= netstandard13
      System.Console (>= 4.0.0-rc2-24027) - framework: >= netstandard13
      System.Data.Common (>= 4.0.1-rc2-24027) - framework: >= netstandard13
      System.Diagnostics.Contracts (>= 4.0.1-rc2-24027) - framework: >= netstandard13
      System.Diagnostics.Tools (>= 4.0.1-rc2-24027) - framework: >= netstandard13
      System.Globalization (>= 4.0.11-rc2-24027) - framework: >= netstandard13
      System.Globalization.Extensions (>= 4.0.1-rc2-24027) - framework: >= netstandard13
      System.Linq (>= 4.1.0-rc2-24027) - framework: >= netstandard13
      System.Net.NameResolution (>= 4.0.0-rc2-24027) - framework: >= netstandard13
      System.Net.NetworkInformation (>= 4.1.0-rc2-24027) - framework: >= netstandard13
      System.Net.Primitives (>= 4.0.11-rc2-24027) - framework: >= netstandard13
      System.Net.Security (>= 4.0.0-rc2-24027) - framework: >= netstandard13
      System.Net.Sockets (>= 4.1.0-rc2-24027) - framework: >= netstandard13
      System.Reflection (>= 4.1.0-rc2-24027) - framework: >= netstandard13
      System.Reflection.Extensions (>= 4.0.1-rc2-24027) - framework: >= netstandard13
      System.Reflection.TypeExtensions (>= 4.1.0-rc2-24027) - framework: >= netstandard13
      System.Runtime (>= 4.1.0-rc2-24027) - framework: >= netstandard13
      System.Runtime.Extensions (>= 4.1.0-rc2-24027) - framework: >= netstandard13
      System.Runtime.InteropServices (>= 4.1.0-rc2-24027) - framework: >= netstandard13
      System.Runtime.InteropServices.RuntimeInformation (>= 4.0.0-rc2-24027) - framework: >= netstandard13
      System.Runtime.Numerics (>= 4.0.1-rc2-24027) - framework: >= netstandard13
      System.Security.Cryptography.Algorithms (>= 4.1.0-rc2-24027) - framework: >= netstandard13
      System.Security.Cryptography.Primitives (>= 4.0.0-rc2-24027) - framework: >= netstandard13
      System.Security.Cryptography.X509Certificates (>= 4.1.0-rc2-24027) - framework: >= netstandard13
      System.Security.Principal (>= 4.0.1-rc2-24027) - framework: >= netstandard13
      System.Text.Encoding.Extensions (>= 4.0.11-rc2-24027) - framework: >= netstandard13
      System.Text.RegularExpressions (>= 4.0.12-rc2-24027) - framework: >= netstandard13
      System.Threading (>= 4.0.11-rc2-24027) - framework: >= netstandard13
      System.Threading.Thread (>= 4.0.0-rc2-24027) - framework: >= netstandard13
      System.Threading.Timer (>= 4.0.1-rc2-24027) - framework: >= netstandard13
    NSubstitute (1.10)
    Octokit (0.19)
      Microsoft.Net.Http  - framework: net10, net11, net20, net30, net35, net40, net40-full
    PagedList (1.17)
    Remotion.Linq (2.0.2)
    runtime.native.System (4.0.0-rc2-24027) - framework: >= netstandard13
    runtime.native.System.Net.Http (4.0.1-rc2-24027) - framework: >= netstandard13
    runtime.native.System.Net.Security (4.0.1-rc2-24027) - framework: >= netstandard13
    runtime.native.System.Security.Cryptography (4.0.0-rc2-24027) - framework: >= netstandard13
    Shouldly (2.7)
      System.Collections (>= 4.0) - framework: dnxcore50
      System.Diagnostics.Debug (>= 4.0) - framework: dnxcore50
      System.Linq (>= 4.0) - framework: dnxcore50
      System.Linq.Expressions (>= 4.0) - framework: dnxcore50
      System.Reflection (>= 4.0) - framework: dnxcore50
      System.Reflection.Extensions (>= 4.0) - framework: dnxcore50
      System.Runtime (>= 4.0) - framework: dnxcore50
      System.Runtime.Extensions (>= 4.0) - framework: dnxcore50
      System.Text.RegularExpressions (>= 4.0) - framework: dnxcore50
    Sigil (4.6.1)
      Microsoft.CSharp (>= 4.0.1-beta-23516) - framework: dnxcore50
      System.Collections (>= 4.0.11-beta-23516) - framework: dnxcore50
      System.Console (>= 4.0.0-beta-23516) - framework: dnxcore50
      System.Reflection.Emit (>= 4.0.1-beta-23516) - framework: dnxcore50
      System.Reflection.Emit.ILGeneration (>= 4.0.1-beta-23516) - framework: dnxcore50
      System.Reflection.Emit.Lightweight (>= 4.0.1-beta-23516) - framework: dnxcore50
      System.Reflection.Metadata (>= 1.1.1-beta-23516) - framework: dnxcore50
      System.Reflection.TypeExtensions (>= 4.1.0-beta-23516) - framework: dnxcore50
      System.Text.RegularExpressions (>= 4.0.11-beta-23516) - framework: dnxcore50
    Storyteller (3.0.0.329-rc)
    structuremap (4.2.0.402)
      System.Collections (>= 4.0.10) - framework: dnxcore50
      System.Collections.Concurrent (>= 4.0.10) - framework: dnxcore50
      System.Diagnostics.Debug (>= 4.0.10) - framework: dnxcore50
      System.Globalization (>= 4.0.10) - framework: dnxcore50
      System.IO (>= 4.0.10) - framework: dnxcore50
      System.Linq (>= 4.0) - framework: dnxcore50
      System.Linq.Expressions (>= 4.0.10) - framework: dnxcore50
      System.Reflection (>= 4.0.10) - framework: dnxcore50
      System.Reflection.Extensions (>= 4.0) - framework: dnxcore50
      System.Reflection.TypeExtensions (>= 4.0) - framework: dnxcore50
      System.Runtime (>= 4.0.20) - framework: dnxcore50
      System.Runtime.Extensions (>= 4.0.10) - framework: dnxcore50
      System.Threading (>= 4.0.10) - framework: dnxcore50
      System.Threading.Tasks (>= 4.0.10) - framework: dnxcore50
    System.Collections (4.0.11-rc2-24027) - framework: dnxcore50, >= netstandard13
      System.Runtime (>= 4.1.0-rc2-24027) - framework: dnxcore50, netstandard10, >= netstandard13
    System.Collections.Concurrent (4.0.12-rc2-24027) - framework: dnxcore50, >= netstandard13
      System.Collections (>= 4.0.11-rc2-24027) - framework: dnxcore50, >= netstandard13
      System.Diagnostics.Debug (>= 4.0.11-rc2-24027) - framework: dnxcore50, >= netstandard13
      System.Diagnostics.Tracing (>= 4.1.0-rc2-24027) - framework: dnxcore50, >= netstandard13
      System.Globalization (>= 4.0.11-rc2-24027) - framework: dnxcore50, >= netstandard13
      System.Reflection (>= 4.1.0-rc2-24027) - framework: >= netstandard13
      System.Resources.ResourceManager (>= 4.0.1-rc2-24027) - framework: dnxcore50, >= netstandard13
      System.Runtime (>= 4.1.0-rc2-24027) - framework: dnxcore50, netstandard11, >= netstandard13
      System.Runtime.Extensions (>= 4.1.0-rc2-24027) - framework: dnxcore50, >= netstandard13
      System.Threading (>= 4.0.11-rc2-24027) - framework: dnxcore50, >= netstandard13
      System.Threading.Tasks (>= 4.0.11-rc2-24027) - framework: dnxcore50, netstandard11, >= netstandard13
    System.Collections.Immutable (1.2.0-rc2-24027) - framework: >= netstandard15
      System.Collections (>= 4.0.11-rc2-24027) - framework: >= netstandard10
      System.Diagnostics.Debug (>= 4.0.11-rc2-24027) - framework: >= netstandard10
      System.Globalization (>= 4.0.11-rc2-24027) - framework: >= netstandard10
      System.Linq (>= 4.1.0-rc2-24027) - framework: >= netstandard10
      System.Resources.ResourceManager (>= 4.0.1-rc2-24027) - framework: >= netstandard10
      System.Runtime (>= 4.1.0-rc2-24027) - framework: >= netstandard10
      System.Runtime.Extensions (>= 4.1.0-rc2-24027) - framework: >= netstandard10
      System.Threading (>= 4.0.11-rc2-24027) - framework: >= netstandard10
    System.ComponentModel (4.0.1-rc2-24027) - framework: >= netstandard13
      System.Runtime (>= 4.1.0-rc2-24027) - framework: dnxcore50, netstandard10, >= netstandard13
    System.ComponentModel.Primitives (4.0.1-rc2-24027) - framework: >= netstandard13
      System.ComponentModel (>= 4.0.1-rc2-24027) - framework: >= netstandard10
      System.Runtime (>= 4.1.0-rc2-24027) - framework: >= netstandard10
    System.ComponentModel.TypeConverter (4.0.1-rc2-24027) - framework: >= netstandard13
      System.Collections (>= 4.0.11-rc2-24027) - framework: >= netstandard10
      System.ComponentModel (>= 4.0.1-rc2-24027) - framework: >= netstandard10
      System.ComponentModel.Primitives (>= 4.0.1-rc2-24027) - framework: >= net45, >= netstandard10, winv4.5, wpv8.0, wpav8.1
      System.Globalization (>= 4.0.11-rc2-24027) - framework: >= netstandard10
      System.Reflection (>= 4.1.0-rc2-24027) - framework: >= netstandard10
      System.Reflection.Extensions (>= 4.0.1-rc2-24027) - framework: >= netstandard10
      System.Reflection.Primitives (>= 4.0.1-rc2-24027) - framework: >= netstandard10
      System.Resources.ResourceManager (>= 4.0.1-rc2-24027) - framework: >= netstandard10
      System.Runtime (>= 4.1.0-rc2-24027) - framework: >= netstandard10
      System.Runtime.Extensions (>= 4.1.0-rc2-24027) - framework: >= netstandard10
      System.Threading (>= 4.0.11-rc2-24027) - framework: >= netstandard10
    System.Console (4.0.0-rc2-24027) - framework: dnxcore50, >= netstandard13
      System.IO (>= 4.1.0-rc2-24027) - framework: >= netstandard13
      System.Runtime (>= 4.1.0-rc2-24027) - framework: >= netstandard13
      System.Text.Encoding (>= 4.0.11-rc2-24027) - framework: >= netstandard13
    System.Data.Common (4.0.1-rc2-24027) - framework: >= netstandard13
      System.Collections (>= 4.0.11-rc2-24027) - framework: >= netstandard10
      System.Globalization (>= 4.0.11-rc2-24027) - framework: >= netstandard10
      System.IO (>= 4.1.0-rc2-24027) - framework: >= netstandard10
      System.Resources.ResourceManager (>= 4.0.1-rc2-24027) - framework: >= netstandard10
      System.Runtime (>= 4.1.0-rc2-24027) - framework: >= netstandard10
      System.Runtime.Extensions (>= 4.1.0-rc2-24027) - framework: >= netstandard10
      System.Text.RegularExpressions (>= 4.0.12-rc2-24027) - framework: >= netstandard10
      System.Threading.Tasks (>= 4.0.11-rc2-24027) - framework: >= netstandard10
    System.Diagnostics.Contracts (4.0.1-rc2-24027) - framework: >= netstandard13
      System.Runtime (>= 4.1.0-rc2-24027) - framework: dnxcore50, >= netstandard10
    System.Diagnostics.Debug (4.0.11-rc2-24027) - framework: dnxcore50, >= netstandard13
      System.Runtime (>= 4.1.0-rc2-24027) - framework: dnxcore50, netstandard10, >= netstandard13
    System.Diagnostics.Tools (4.0.1-rc2-24027) - framework: >= netstandard13
      System.Runtime (>= 4.1.0-rc2-24027) - framework: dnxcore50, >= netstandard10
    System.Diagnostics.Tracing (4.1.0-rc2-24027) - framework: dnxcore50, >= netstandard13
      System.Runtime (>= 4.1.0-rc2-24027) - framework: dnxcore50, netstandard11, netstandard12, netstandard13, >= netstandard15
    System.Dynamic.Runtime (4.0.10) - framework: dnxcore50
      System.Collections (>= 4.0) - framework: dnxcore50
      System.Diagnostics.Debug (>= 4.0) - framework: dnxcore50
      System.Globalization (>= 4.0) - framework: dnxcore50
      System.Linq (>= 4.0) - framework: dnxcore50
      System.Linq.Expressions (>= 4.0.10) - framework: dnxcore50
      System.ObjectModel (>= 4.0) - framework: dnxcore50
      System.Reflection (>= 4.0) - framework: dnxcore50
      System.Reflection.Emit (>= 4.0) - framework: dnxcore50
      System.Reflection.Primitives (>= 4.0) - framework: dnxcore50
      System.Reflection.TypeExtensions (>= 4.0) - framework: dnxcore50
      System.Resources.ResourceManager (>= 4.0) - framework: dnxcore50
      System.Runtime (>= 4.0.20) - framework: dnxcore50
      System.Runtime.Extensions (>= 4.0) - framework: dnxcore50
      System.Threading (>= 4.0) - framework: dnxcore50
    System.Globalization (4.0.11-rc2-24027) - framework: dnxcore50, >= netstandard13
      System.Runtime (>= 4.1.0-rc2-24027) - framework: dnxcore50, netstandard10, >= netstandard13
    System.Globalization.Calendars (4.0.1-rc2-24027) - framework: >= netstandard14
      System.Globalization (>= 4.0.11-rc2-24027) - framework: >= netstandard13
      System.Runtime (>= 4.1.0-rc2-24027) - framework: >= netstandard13
    System.Globalization.Extensions (4.0.1-rc2-24027) - framework: >= netstandard13
      System.Globalization (>= 4.0.11-rc2-24027) - framework: >= netstandard13
      System.Resources.ResourceManager (>= 4.0.1-rc2-24027) - framework: >= netstandard13
      System.Runtime (>= 4.1.0-rc2-24027) - framework: >= netstandard13
      System.Runtime.Extensions (>= 4.1.0-rc2-24027) - framework: >= netstandard13
      System.Runtime.InteropServices (>= 4.1.0-rc2-24027) - framework: >= netstandard13
    System.IO (4.1.0-rc2-24027) - framework: dnxcore50, >= netstandard13
      System.Runtime (>= 4.1.0-rc2-24027) - framework: dnxcore50, netstandard10, netstandard13, >= netstandard15
      System.Text.Encoding (>= 4.0.11-rc2-24027) - framework: dnxcore50, netstandard10, netstandard13, >= netstandard15
      System.Threading.Tasks (>= 4.0.11-rc2-24027) - framework: dnxcore50, netstandard10, netstandard13, >= netstandard15
    System.IO.FileSystem (4.0.1-rc2-24027) - framework: >= netstandard13
      System.IO (>= 4.1.0-rc2-24027) - framework: >= netstandard13
      System.IO.FileSystem.Primitives (>= 4.0.1-rc2-24027) - framework: >= net46, >= netstandard13
      System.Runtime (>= 4.1.0-rc2-24027) - framework: >= netstandard13
      System.Runtime.Handles (>= 4.0.1-rc2-24027) - framework: >= netstandard13
      System.Text.Encoding (>= 4.0.11-rc2-24027) - framework: >= netstandard13
      System.Threading.Tasks (>= 4.0.11-rc2-24027) - framework: >= netstandard13
    System.IO.FileSystem.Primitives (4.0.1-rc2-24027) - framework: >= netstandard13
      System.Runtime (>= 4.1.0-rc2-24027) - framework: >= netstandard13
    System.IO.FileSystem.Watcher (4.0.0-rc2-24027) - framework: >= netstandard14
      Microsoft.Win32.Primitives (>= 4.0.1-rc2-24027) - framework: >= netstandard13
      runtime.native.System (>= 4.0.0-rc2-24027) - framework: >= net46, >= netstandard13
      System.Collections (>= 4.0.11-rc2-24027) - framework: >= netstandard13
      System.IO.FileSystem (>= 4.0.1-rc2-24027) - framework: >= netstandard13
      System.IO.FileSystem.Primitives (>= 4.0.1-rc2-24027) - framework: >= netstandard13
      System.Resources.ResourceManager (>= 4.0.1-rc2-24027) - framework: >= netstandard13
      System.Runtime (>= 4.1.0-rc2-24027) - framework: >= netstandard13
      System.Runtime.Extensions (>= 4.1.0-rc2-24027) - framework: >= netstandard13
      System.Runtime.Handles (>= 4.0.1-rc2-24027) - framework: >= netstandard13
      System.Runtime.InteropServices (>= 4.1.0-rc2-24027) - framework: >= netstandard13
      System.Text.Encoding (>= 4.0.11-rc2-24027) - framework: >= netstandard13
      System.Threading (>= 4.0.11-rc2-24027) - framework: >= netstandard13
      System.Threading.Overlapped (>= 4.0.1-rc2-24027) - framework: >= netstandard13
      System.Threading.Tasks (>= 4.0.11-rc2-24027) - framework: >= netstandard13
      System.Threading.Thread (>= 4.0.0-rc2-24027) - framework: >= netstandard13
    System.Linq (4.1.0-rc2-24027) - framework: dnxcore50, >= netstandard13
      System.Collections (>= 4.0.11-rc2-24027) - framework: dnxcore50, netstandard10, >= netstandard15
      System.Diagnostics.Debug (>= 4.0.11-rc2-24027) - framework: dnxcore50, >= netstandard15
      System.Resources.ResourceManager (>= 4.0.1-rc2-24027) - framework: dnxcore50, >= netstandard15
      System.Runtime (>= 4.1.0-rc2-24027) - framework: dnxcore50, netstandard10, >= netstandard15
      System.Runtime.Extensions (>= 4.1.0-rc2-24027) - framework: dnxcore50, >= netstandard15
    System.Linq.Expressions (4.0.10) - framework: dnxcore50
      System.Collections (>= 4.0) - framework: dnxcore50
      System.Diagnostics.Debug (>= 4.0) - framework: dnxcore50
      System.Globalization (>= 4.0) - framework: dnxcore50
      System.IO (>= 4.0) - framework: dnxcore50
      System.Linq (>= 4.0) - framework: dnxcore50
      System.ObjectModel (>= 4.0) - framework: dnxcore50
      System.Reflection (>= 4.0) - framework: dnxcore50
      System.Reflection.Emit (>= 4.0) - framework: dnxcore50
      System.Reflection.Extensions (>= 4.0) - framework: dnxcore50
      System.Reflection.Primitives (>= 4.0) - framework: dnxcore50
      System.Reflection.TypeExtensions (>= 4.0) - framework: dnxcore50
      System.Resources.ResourceManager (>= 4.0) - framework: dnxcore50
      System.Runtime (>= 4.0) - framework: dnxcore50
      System.Runtime (>= 4.0.20) - framework: dnxcore50
      System.Runtime.Extensions (>= 4.0) - framework: dnxcore50
      System.Threading (>= 4.0) - framework: dnxcore50
    System.Net.NameResolution (4.0.0-rc2-24027) - framework: >= netstandard13
      System.Collections (>= 4.0.11-rc2-24027) - framework: dnxcore50, >= netstandard13
      System.Diagnostics.Tracing (>= 4.1.0-rc2-24027) - framework: dnxcore50, >= netstandard13
      System.Globalization (>= 4.0.11-rc2-24027) - framework: dnxcore50, >= netstandard13
      System.Net.Primitives (>= 4.0.11-rc2-24027) - framework: dnxcore50, >= netstandard13
      System.Resources.ResourceManager (>= 4.0.1-rc2-24027) - framework: dnxcore50, >= netstandard13
      System.Runtime (>= 4.1.0-rc2-24027) - framework: dnxcore50, >= netstandard13
      System.Runtime.Extensions (>= 4.1.0-rc2-24027) - framework: dnxcore50, >= netstandard13
      System.Runtime.Handles (>= 4.0.1-rc2-24027) - framework: dnxcore50, >= netstandard13
      System.Runtime.InteropServices (>= 4.1.0-rc2-24027) - framework: dnxcore50, >= netstandard13
      System.Security.Principal.Windows (>= 4.0.0-rc2-24027) - framework: >= netstandard13
      System.Threading (>= 4.0.11-rc2-24027) - framework: dnxcore50, >= netstandard13
      System.Threading.Tasks (>= 4.0.11-rc2-24027) - framework: dnxcore50, >= netstandard13
    System.Net.NetworkInformation (4.1.0-rc2-24027) - framework: >= netstandard13
      Microsoft.Win32.Primitives (>= 4.0.1-rc2-24027) - framework: dnxcore50, >= netstandard13
      runtime.native.System (>= 4.0.0-rc2-24027) - framework: >= net46, dnxcore50, netstandard10, >= netstandard13
      System.Collections (>= 4.0.11-rc2-24027) - framework: dnxcore50, >= netstandard13
      System.Diagnostics.Tracing (>= 4.1.0-rc2-24027) - framework: dnxcore50, >= netstandard13
      System.Globalization (>= 4.0.11-rc2-24027) - framework: dnxcore50, >= netstandard13
      System.IO (>= 4.1.0-rc2-24027) - framework: >= netstandard13
      System.IO.FileSystem (>= 4.0.1-rc2-24027) - framework: >= netstandard13
      System.IO.FileSystem.Primitives (>= 4.0.1-rc2-24027) - framework: >= netstandard13
      System.Linq (>= 4.1.0-rc2-24027) - framework: >= netstandard13
      System.Net.Primitives (>= 4.0.11-rc2-24027) - framework: dnxcore50, >= netstandard13
      System.Net.Sockets (>= 4.1.0-rc2-24027) - framework: >= netstandard13
      System.Resources.ResourceManager (>= 4.0.1-rc2-24027) - framework: dnxcore50, >= netstandard13
      System.Runtime (>= 4.1.0-rc2-24027) - framework: dnxcore50, netstandard10, >= netstandard13
      System.Runtime.Extensions (>= 4.1.0-rc2-24027) - framework: dnxcore50, >= netstandard13
      System.Runtime.Handles (>= 4.0.1-rc2-24027) - framework: >= netstandard13
      System.Runtime.InteropServices (>= 4.1.0-rc2-24027) - framework: dnxcore50, >= netstandard13
      System.Security.Principal.Windows (>= 4.0.0-rc2-24027) - framework: >= netstandard13
      System.Threading (>= 4.0.11-rc2-24027) - framework: dnxcore50, >= netstandard13
      System.Threading.Overlapped (>= 4.0.1-rc2-24027) - framework: >= netstandard13
      System.Threading.Tasks (>= 4.0.11-rc2-24027) - framework: dnxcore50, >= netstandard13
      System.Threading.Thread (>= 4.0.0-rc2-24027) - framework: >= netstandard13
      System.Threading.ThreadPool (>= 4.0.10-rc2-24027) - framework: >= netstandard13
    System.Net.Primitives (4.0.11-rc2-24027) - framework: >= netstandard13
      System.Runtime (>= 4.1.0-rc2-24027) - framework: dnxcore50, netstandard10, netstandard11, >= netstandard13
      System.Runtime.Handles (>= 4.0.1-rc2-24027) - framework: dnxcore50, >= netstandard13
    System.Net.Security (4.0.0-rc2-24027) - framework: >= netstandard13
      Microsoft.Win32.Primitives (>= 4.0.1-rc2-24027) - framework: >= netstandard13
      runtime.native.System.Net.Security (>= 4.0.1-rc2-24027) - framework: >= net46, >= netstandard13
      System.Collections (>= 4.0.11-rc2-24027) - framework: >= netstandard13
      System.Collections.Concurrent (>= 4.0.12-rc2-24027) - framework: >= netstandard13
      System.Diagnostics.Tracing (>= 4.1.0-rc2-24027) - framework: >= netstandard13
      System.Globalization (>= 4.0.11-rc2-24027) - framework: >= netstandard13
      System.Globalization.Extensions (>= 4.0.1-rc2-24027) - framework: >= netstandard14
      System.IO (>= 4.1.0-rc2-24027) - framework: >= netstandard13
      System.Net.Primitives (>= 4.0.11-rc2-24027) - framework: >= netstandard13
      System.Resources.ResourceManager (>= 4.0.1-rc2-24027) - framework: >= netstandard13
      System.Runtime (>= 4.1.0-rc2-24027) - framework: >= netstandard13
      System.Runtime.Extensions (>= 4.1.0-rc2-24027) - framework: >= netstandard13
      System.Runtime.Handles (>= 4.0.1-rc2-24027) - framework: >= netstandard13
      System.Runtime.InteropServices (>= 4.1.0-rc2-24027) - framework: >= netstandard13
      System.Security.Claims (>= 4.0.1-rc2-24027) - framework: >= netstandard13
      System.Security.Cryptography.Algorithms (>= 4.1.0-rc2-24027) - framework: >= netstandard14
      System.Security.Cryptography.Encoding (>= 4.0.0-rc2-24027) - framework: >= netstandard14
      System.Security.Cryptography.OpenSsl (>= 4.0.0-rc2-24027) - framework: >= netstandard14
      System.Security.Cryptography.Primitives (>= 4.0.0-rc2-24027) - framework: >= netstandard13
      System.Security.Cryptography.X509Certificates (>= 4.1.0-rc2-24027) - framework: >= net46, >= netstandard13
      System.Security.Principal (>= 4.0.1-rc2-24027) - framework: >= netstandard13
      System.Security.Principal.Windows (>= 4.0.0-rc2-24027) - framework: netstandard13
      System.Text.Encoding (>= 4.0.11-rc2-24027) - framework: >= netstandard14
      System.Threading (>= 4.0.11-rc2-24027) - framework: >= netstandard13
      System.Threading.Tasks (>= 4.0.11-rc2-24027) - framework: >= netstandard13
      System.Threading.ThreadPool (>= 4.0.10-rc2-24027) - framework: >= netstandard13
    System.Net.Sockets (4.1.0-rc2-24027) - framework: >= netstandard13
      System.IO (>= 4.1.0-rc2-24027) - framework: >= netstandard13
      System.Net.Primitives (>= 4.0.11-rc2-24027) - framework: >= netstandard13
      System.Runtime (>= 4.1.0-rc2-24027) - framework: >= netstandard13
      System.Threading.Tasks (>= 4.0.11-rc2-24027) - framework: >= netstandard13
    System.ObjectModel (4.0.10) - framework: dnxcore50
      System.Collections (>= 4.0.10) - framework: dnxcore50
      System.Diagnostics.Debug (>= 4.0.10) - framework: dnxcore50
      System.Resources.ResourceManager (>= 4.0) - framework: dnxcore50
      System.Runtime (>= 4.0.20) - framework: dnxcore50
      System.Threading (>= 4.0.10) - framework: dnxcore50
    System.Reflection (4.1.0-rc2-24027) - framework: dnxcore50, >= netstandard13
      System.IO (>= 4.1.0-rc2-24027) - framework: dnxcore50, netstandard10, netstandard13, >= netstandard15
      System.Reflection.Primitives (>= 4.0.1-rc2-24027) - framework: dnxcore50, netstandard10, netstandard13, >= netstandard15
      System.Runtime (>= 4.1.0-rc2-24027) - framework: dnxcore50, netstandard10, netstandard13, >= netstandard15
    System.Reflection.Emit (4.0.1-rc2-24027) - framework: dnxcore50, >= netstandard15
      System.IO (>= 4.1.0-rc2-24027) - framework: >= netstandard11
      System.Reflection (>= 4.1.0-rc2-24027) - framework: >= netstandard11
      System.Reflection.Emit.ILGeneration (>= 4.0.1-rc2-24027) - framework: >= netstandard11, monotouch, xamarinios
      System.Reflection.Primitives (>= 4.0.1-rc2-24027) - framework: >= netstandard11
      System.Runtime (>= 4.1.0-rc2-24027) - framework: >= netstandard11
    System.Reflection.Emit.ILGeneration (4.0.1-rc2-24027) - framework: dnxcore50, >= netstandard15
      System.Reflection (>= 4.1.0-rc2-24027) - framework: >= netstandard10
      System.Reflection.Primitives (>= 4.0.1-rc2-24027) - framework: >= netstandard10
      System.Runtime (>= 4.1.0-rc2-24027) - framework: >= netstandard10
    System.Reflection.Emit.Lightweight (4.0.1-rc2-24027) - framework: dnxcore50, >= netstandard15
      System.Reflection (>= 4.1.0-rc2-24027) - framework: >= netstandard10
      System.Reflection.Emit.ILGeneration (>= 4.0.1-rc2-24027) - framework: >= netstandard10, monoandroid, monotouch, xamarinios, xamarinmac
      System.Reflection.Primitives (>= 4.0.1-rc2-24027) - framework: >= netstandard10
      System.Runtime (>= 4.1.0-rc2-24027) - framework: >= netstandard10
    System.Reflection.Extensions (4.0.1-rc2-24027) - framework: dnxcore50, >= netstandard13
      System.Reflection (>= 4.1.0-rc2-24027) - framework: dnxcore50, >= netstandard10
      System.Runtime (>= 4.1.0-rc2-24027) - framework: dnxcore50, >= netstandard10
    System.Reflection.Metadata (1.3.0-rc2-24027) - framework: dnxcore50, >= netstandard15
      System.Collections (>= 4.0.11-rc2-24027) - framework: >= netstandard11
      System.Collections.Immutable (>= 1.2.0-rc2-24027) - framework: >= net45, >= netstandard11, monoandroid, monotouch, xamarinios, xamarinmac, winv4.5, wpav8.1
      System.Diagnostics.Debug (>= 4.0.11-rc2-24027) - framework: >= netstandard11
      System.IO (>= 4.1.0-rc2-24027) - framework: >= netstandard11
      System.Linq (>= 4.1.0-rc2-24027) - framework: >= netstandard11
      System.Reflection (>= 4.1.0-rc2-24027) - framework: >= netstandard11
      System.Reflection.Extensions (>= 4.0.1-rc2-24027) - framework: >= netstandard11
      System.Reflection.Primitives (>= 4.0.1-rc2-24027) - framework: >= netstandard11
      System.Resources.ResourceManager (>= 4.0.1-rc2-24027) - framework: >= netstandard11
      System.Runtime (>= 4.1.0-rc2-24027) - framework: >= netstandard11
      System.Runtime.Extensions (>= 4.1.0-rc2-24027) - framework: >= netstandard11
      System.Runtime.InteropServices (>= 4.1.0-rc2-24027) - framework: >= netstandard11
      System.Text.Encoding (>= 4.0.11-rc2-24027) - framework: >= netstandard11
      System.Text.Encoding.Extensions (>= 4.0.11-rc2-24027) - framework: >= netstandard11
      System.Threading (>= 4.0.11-rc2-24027) - framework: >= netstandard11
    System.Reflection.Primitives (4.0.1-rc2-24027) - framework: dnxcore50, >= netstandard13
      System.Runtime (>= 4.1.0-rc2-24027) - framework: dnxcore50, >= netstandard10
    System.Reflection.TypeExtensions (4.1.0-rc2-24027) - framework: dnxcore50, >= netstandard13
      System.Reflection (>= 4.1.0-rc2-24027) - framework: dnxcore50, netstandard13, >= netstandard15
      System.Runtime (>= 4.1.0-rc2-24027) - framework: dnxcore50, netstandard13, >= netstandard15
    System.Resources.ResourceManager (4.0.1-rc2-24027) - framework: dnxcore50, >= netstandard13
      System.Globalization (>= 4.0.11-rc2-24027) - framework: dnxcore50, >= netstandard10
      System.Reflection (>= 4.1.0-rc2-24027) - framework: dnxcore50, >= netstandard10
      System.Runtime (>= 4.1.0-rc2-24027) - framework: dnxcore50, >= netstandard10
    System.Runtime (4.1.0-rc2-24027) - framework: dnxcore50, >= netstandard13
    System.Runtime.Extensions (4.1.0-rc2-24027) - framework: dnxcore50, >= netstandard13
      System.Runtime (>= 4.1.0-rc2-24027) - framework: dnxcore50, netstandard10, netstandard13, >= netstandard15
    System.Runtime.Handles (4.0.1-rc2-24027) - framework: dnxcore50, >= netstandard13
      System.Runtime (>= 4.1.0-rc2-24027) - framework: >= netstandard13
    System.Runtime.InteropServices (4.1.0-rc2-24027) - framework: dnxcore50, >= netstandard13
      System.Reflection (>= 4.1.0-rc2-24027) - framework: dnxcore50, netstandard11, netstandard12, netstandard13, >= netstandard15
      System.Reflection.Primitives (>= 4.0.1-rc2-24027) - framework: dnxcore50, netstandard11, netstandard12, netstandard13, >= netstandard15
      System.Runtime (>= 4.1.0-rc2-24027) - framework: dnxcore50, netstandard11, netstandard12, netstandard13, >= netstandard15
      System.Runtime.Handles (>= 4.0.1-rc2-24027) - framework: dnxcore50, netstandard13, >= netstandard15
      System.Runtime.InteropServices.PInvoke (>= 4.0.0-rc2-24027) - framework: >= netstandard15
    System.Runtime.InteropServices.PInvoke (4.0.0-rc2-24027) - framework: >= netstandard15
      System.Runtime (>= 4.1.0-rc2-24027) - framework: >= netstandard13
      System.Runtime.Handles (>= 4.0.1-rc2-24027) - framework: >= netstandard13
    System.Runtime.InteropServices.RuntimeInformation (4.0.0-rc2-24027) - framework: >= netstandard13
      System.Runtime (>= 4.1.0-rc2-24027) - framework: >= netstandard11
    System.Runtime.Numerics (4.0.1-rc2-24027) - framework: >= netstandard13
      System.Globalization (>= 4.0.11-rc2-24027) - framework: dnxcore50, >= netstandard13
      System.Resources.ResourceManager (>= 4.0.1-rc2-24027) - framework: dnxcore50, >= netstandard13
      System.Runtime (>= 4.1.0-rc2-24027) - framework: dnxcore50, netstandard11, >= netstandard13
      System.Runtime.Extensions (>= 4.1.0-rc2-24027) - framework: dnxcore50, >= netstandard13
    System.Security.Claims (4.0.1-rc2-24027) - framework: >= netstandard13
      System.Collections (>= 4.0.11-rc2-24027) - framework: >= netstandard13
      System.Globalization (>= 4.0.11-rc2-24027) - framework: >= netstandard13
      System.IO (>= 4.1.0-rc2-24027) - framework: >= netstandard13
      System.Resources.ResourceManager (>= 4.0.1-rc2-24027) - framework: >= netstandard13
      System.Runtime (>= 4.1.0-rc2-24027) - framework: >= netstandard13
      System.Runtime.Extensions (>= 4.1.0-rc2-24027) - framework: >= netstandard13
      System.Security.Principal (>= 4.0.1-rc2-24027) - framework: >= netstandard13
    System.Security.Cryptography.Algorithms (4.1.0-rc2-24027) - framework: >= netstandard13
      System.IO (>= 4.1.0-rc2-24027) - framework: >= netstandard13
      System.Resources.ResourceManager (>= 4.0.1-rc2-24027) - framework: >= netstandard14
      System.Runtime (>= 4.1.0-rc2-24027) - framework: >= netstandard13
      System.Runtime.Extensions (>= 4.1.0-rc2-24027) - framework: >= netstandard14
      System.Runtime.Handles (>= 4.0.1-rc2-24027) - framework: >= netstandard14
      System.Runtime.InteropServices (>= 4.1.0-rc2-24027) - framework: >= netstandard14
      System.Security.Cryptography.Primitives (>= 4.0.0-rc2-24027) - framework: net46, >= net461, >= netstandard13
      System.Text.Encoding (>= 4.0.11-rc2-24027) - framework: >= netstandard14
    System.Security.Cryptography.Cng (4.1.0-rc2-24027) - framework: >= netstandard14
      System.IO (>= 4.1.0-rc2-24027) - framework: >= netstandard13
      System.Resources.ResourceManager (>= 4.0.1-rc2-24027) - framework: >= netstandard14
      System.Runtime (>= 4.1.0-rc2-24027) - framework: >= netstandard13
      System.Runtime.Extensions (>= 4.1.0-rc2-24027) - framework: >= netstandard14
      System.Runtime.Handles (>= 4.0.1-rc2-24027) - framework: >= netstandard13
      System.Runtime.InteropServices (>= 4.1.0-rc2-24027) - framework: >= netstandard14
      System.Security.Cryptography.Algorithms (>= 4.1.0-rc2-24027) - framework: net46, >= net461, >= netstandard13
      System.Security.Cryptography.Primitives (>= 4.0.0-rc2-24027) - framework: net46, >= net461, >= netstandard13
      System.Text.Encoding (>= 4.0.11-rc2-24027) - framework: >= netstandard14
    System.Security.Cryptography.Csp (4.0.0-rc2-24027) - framework: >= netstandard14
      System.IO (>= 4.1.0-rc2-24027) - framework: >= netstandard13
      System.Reflection (>= 4.1.0-rc2-24027) - framework: >= netstandard13
      System.Resources.ResourceManager (>= 4.0.1-rc2-24027) - framework: >= netstandard13
      System.Runtime (>= 4.1.0-rc2-24027) - framework: >= netstandard13
      System.Runtime.Extensions (>= 4.1.0-rc2-24027) - framework: >= netstandard13
      System.Runtime.Handles (>= 4.0.1-rc2-24027) - framework: >= netstandard13
      System.Runtime.InteropServices (>= 4.1.0-rc2-24027) - framework: >= netstandard13
      System.Security.Cryptography.Algorithms (>= 4.1.0-rc2-24027) - framework: >= net46, >= netstandard13
      System.Security.Cryptography.Encoding (>= 4.0.0-rc2-24027) - framework: >= netstandard13
      System.Security.Cryptography.Primitives (>= 4.0.0-rc2-24027) - framework: >= net46, >= netstandard13
      System.Text.Encoding (>= 4.0.11-rc2-24027) - framework: >= netstandard13
      System.Threading (>= 4.0.11-rc2-24027) - framework: >= netstandard13
    System.Security.Cryptography.Encoding (4.0.0-rc2-24027) - framework: >= netstandard13
      runtime.native.System.Security.Cryptography (>= 4.0.0-rc2-24027) - framework: >= net46, >= netstandard13
      System.Collections (>= 4.0.11-rc2-24027) - framework: >= netstandard13
      System.Collections.Concurrent (>= 4.0.12-rc2-24027) - framework: >= netstandard13
      System.Diagnostics.Debug (>= 4.0.11-rc2-24027) - framework: >= netstandard13
      System.Linq (>= 4.1.0-rc2-24027) - framework: >= netstandard13
      System.Resources.ResourceManager (>= 4.0.1-rc2-24027) - framework: >= netstandard13
      System.Runtime (>= 4.1.0-rc2-24027) - framework: >= netstandard13
      System.Runtime.Extensions (>= 4.1.0-rc2-24027) - framework: >= netstandard13
      System.Runtime.Handles (>= 4.0.1-rc2-24027) - framework: >= netstandard13
      System.Runtime.InteropServices (>= 4.1.0-rc2-24027) - framework: >= netstandard13
      System.Security.Cryptography.Primitives (>= 4.0.0-rc2-24027) - framework: >= netstandard13
      System.Text.Encoding (>= 4.0.11-rc2-24027) - framework: >= netstandard13
    System.Security.Cryptography.OpenSsl (4.0.0-rc2-24027) - framework: >= netstandard14
      runtime.native.System.Security.Cryptography (>= 4.0.0-rc2-24027) - framework: >= netstandard14
      System.Collections (>= 4.0.11-rc2-24027) - framework: >= netstandard14
      System.IO (>= 4.1.0-rc2-24027) - framework: >= netstandard14
      System.Resources.ResourceManager (>= 4.0.1-rc2-24027) - framework: >= netstandard14
      System.Runtime (>= 4.1.0-rc2-24027) - framework: >= netstandard14
      System.Runtime.Extensions (>= 4.1.0-rc2-24027) - framework: >= netstandard14
      System.Runtime.Handles (>= 4.0.1-rc2-24027) - framework: >= netstandard14
      System.Runtime.InteropServices (>= 4.1.0-rc2-24027) - framework: >= netstandard14
      System.Runtime.Numerics (>= 4.0.1-rc2-24027) - framework: >= netstandard14
      System.Security.Cryptography.Algorithms (>= 4.1.0-rc2-24027) - framework: >= netstandard14
      System.Security.Cryptography.Encoding (>= 4.0.0-rc2-24027) - framework: >= netstandard14
      System.Security.Cryptography.Primitives (>= 4.0.0-rc2-24027) - framework: >= netstandard14
      System.Text.Encoding (>= 4.0.11-rc2-24027) - framework: >= netstandard14
    System.Security.Cryptography.Primitives (4.0.0-rc2-24027) - framework: >= netstandard13
      System.Diagnostics.Debug (>= 4.0.11-rc2-24027) - framework: >= netstandard13
      System.Globalization (>= 4.0.11-rc2-24027) - framework: >= netstandard13
      System.IO (>= 4.1.0-rc2-24027) - framework: >= netstandard13
      System.Resources.ResourceManager (>= 4.0.1-rc2-24027) - framework: >= netstandard13
      System.Runtime (>= 4.1.0-rc2-24027) - framework: >= netstandard13
      System.Threading (>= 4.0.11-rc2-24027) - framework: >= netstandard13
      System.Threading.Tasks (>= 4.0.11-rc2-24027) - framework: >= netstandard13
    System.Security.Cryptography.X509Certificates (4.1.0-rc2-24027) - framework: >= netstandard13
      runtime.native.System (>= 4.0.0-rc2-24027) - framework: net46, >= net461, dnxcore50, >= netstandard13
      runtime.native.System.Net.Http (>= 4.0.1-rc2-24027) - framework: net46, >= net461, dnxcore50, >= netstandard13
      runtime.native.System.Security.Cryptography (>= 4.0.0-rc2-24027) - framework: net46, >= net461, dnxcore50, >= netstandard13
      System.Collections (>= 4.0.11-rc2-24027) - framework: dnxcore50, >= netstandard14
      System.Diagnostics.Debug (>= 4.0.11-rc2-24027) - framework: >= netstandard14
      System.Globalization (>= 4.0.11-rc2-24027) - framework: dnxcore50, >= netstandard14
      System.Globalization.Calendars (>= 4.0.1-rc2-24027) - framework: dnxcore50, >= netstandard14
      System.IO (>= 4.1.0-rc2-24027) - framework: dnxcore50, >= netstandard14
      System.IO.FileSystem (>= 4.0.1-rc2-24027) - framework: dnxcore50, >= netstandard14
      System.IO.FileSystem.Primitives (>= 4.0.1-rc2-24027) - framework: >= netstandard14
      System.IO.FileSystem.Watcher (>= 4.0.0-rc2-24027) - framework: >= netstandard14
      System.Resources.ResourceManager (>= 4.0.1-rc2-24027) - framework: dnxcore50, >= netstandard14
      System.Runtime (>= 4.1.0-rc2-24027) - framework: dnxcore50, >= netstandard13
      System.Runtime.Extensions (>= 4.1.0-rc2-24027) - framework: dnxcore50, >= netstandard14
      System.Runtime.Handles (>= 4.0.1-rc2-24027) - framework: dnxcore50, >= netstandard13
      System.Runtime.InteropServices (>= 4.1.0-rc2-24027) - framework: dnxcore50, >= netstandard14
      System.Runtime.Numerics (>= 4.0.1-rc2-24027) - framework: dnxcore50, >= netstandard14
      System.Security.Cryptography.Algorithms (>= 4.1.0-rc2-24027) - framework: net46, >= net461, dnxcore50, >= netstandard13
      System.Security.Cryptography.Cng (>= 4.1.0-rc2-24027) - framework: dnxcore50, >= netstandard14
      System.Security.Cryptography.Csp (>= 4.0.0-rc2-24027) - framework: >= netstandard14
      System.Security.Cryptography.Encoding (>= 4.0.0-rc2-24027) - framework: net46, >= net461, dnxcore50, >= netstandard13
      System.Security.Cryptography.OpenSsl (>= 4.0.0-rc2-24027) - framework: >= netstandard14
      System.Security.Cryptography.Primitives (>= 4.0.0-rc2-24027) - framework: dnxcore50, >= netstandard14
      System.Text.Encoding (>= 4.0.11-rc2-24027) - framework: dnxcore50, >= netstandard14
      System.Threading (>= 4.0.11-rc2-24027) - framework: dnxcore50, >= netstandard14
    System.Security.Principal (4.0.1-rc2-24027) - framework: >= netstandard13
      System.Runtime (>= 4.1.0-rc2-24027) - framework: dnxcore50, >= netstandard10
    System.Security.Principal.Windows (4.0.0-rc2-24027) - framework: >= netstandard13
      Microsoft.Win32.Primitives (>= 4.0.1-rc2-24027) - framework: >= netstandard13
      System.Collections (>= 4.0.11-rc2-24027) - framework: >= netstandard13
      System.Diagnostics.Debug (>= 4.0.11-rc2-24027) - framework: >= netstandard13
      System.Reflection (>= 4.1.0-rc2-24027) - framework: >= netstandard13
      System.Resources.ResourceManager (>= 4.0.1-rc2-24027) - framework: >= netstandard13
      System.Runtime (>= 4.1.0-rc2-24027) - framework: >= netstandard13
      System.Runtime.Extensions (>= 4.1.0-rc2-24027) - framework: >= netstandard13
      System.Runtime.Handles (>= 4.0.1-rc2-24027) - framework: >= netstandard13
      System.Runtime.InteropServices (>= 4.1.0-rc2-24027) - framework: >= netstandard13
      System.Security.Claims (>= 4.0.1-rc2-24027) - framework: >= net46, >= netstandard13
      System.Security.Principal (>= 4.0.1-rc2-24027) - framework: >= netstandard13
      System.Text.Encoding (>= 4.0.11-rc2-24027) - framework: >= netstandard13
      System.Threading (>= 4.0.11-rc2-24027) - framework: >= netstandard13
    System.Text.Encoding (4.0.11-rc2-24027) - framework: dnxcore50, >= netstandard13
      System.Runtime (>= 4.1.0-rc2-24027) - framework: dnxcore50, netstandard10, >= netstandard13
    System.Text.Encoding.Extensions (4.0.11-rc2-24027) - framework: >= netstandard13
      System.Runtime (>= 4.1.0-rc2-24027) - framework: dnxcore50, netstandard10, >= netstandard13
      System.Text.Encoding (>= 4.0.11-rc2-24027) - framework: dnxcore50, netstandard10, >= netstandard13
    System.Text.RegularExpressions (4.0.12-rc2-24027) - framework: dnxcore50, >= netstandard13
      System.Collections (>= 4.0.11-rc2-24027) - framework: dnxcore50, >= netstandard13
      System.Globalization (>= 4.0.11-rc2-24027) - framework: dnxcore50, >= netstandard13
      System.Resources.ResourceManager (>= 4.0.1-rc2-24027) - framework: dnxcore50, >= netstandard13
      System.Runtime (>= 4.1.0-rc2-24027) - framework: dnxcore50, netstandard10, >= netstandard13
      System.Runtime.Extensions (>= 4.1.0-rc2-24027) - framework: dnxcore50, >= netstandard13
      System.Threading (>= 4.0.11-rc2-24027) - framework: dnxcore50, >= netstandard13
    System.Threading (4.0.11-rc2-24027) - framework: dnxcore50, >= netstandard13
      System.Runtime (>= 4.1.0-rc2-24027) - framework: dnxcore50, netstandard10, >= netstandard13
      System.Threading.Tasks (>= 4.0.11-rc2-24027) - framework: dnxcore50, netstandard10, >= netstandard13
    System.Threading.Overlapped (4.0.1-rc2-24027) - framework: >= netstandard13
      System.Resources.ResourceManager (>= 4.0.1-rc2-24027) - framework: dnxcore50, >= netstandard13
      System.Runtime (>= 4.1.0-rc2-24027) - framework: dnxcore50, >= netstandard13
      System.Runtime.Handles (>= 4.0.1-rc2-24027) - framework: dnxcore50, >= netstandard13
    System.Threading.Tasks (4.0.11-rc2-24027) - framework: dnxcore50, >= netstandard13
      System.Runtime (>= 4.1.0-rc2-24027) - framework: dnxcore50, netstandard10, >= netstandard13
    System.Threading.Thread (4.0.0-rc2-24027) - framework: >= netstandard13
      System.Runtime (>= 4.1.0-rc2-24027) - framework: >= netstandard13
    System.Threading.ThreadPool (4.0.10-rc2-24027) - framework: >= netstandard13
      System.Runtime (>= 4.1.0-rc2-24027) - framework: >= netstandard13
      System.Runtime.Handles (>= 4.0.1-rc2-24027) - framework: >= netstandard13
    System.Threading.Timer (4.0.1-rc2-24027) - framework: >= netstandard13
      System.Runtime (>= 4.1.0-rc2-24027) - framework: dnxcore50, >= netstandard12
    xunit (2.1)
      xunit.assert (2.1)
      xunit.core (2.1)
    xunit.abstractions (2.0) - framework: >= net45, dnx451, dnxcore50, monoandroid, monotouch, portable-net45+win80+wp80+wpa81, xamarinios, winv4.5, wpv8.0, wpav8.1
    xunit.assert (2.1)
      System.Collections (>= 4.0) - framework: dnxcore50
      System.Diagnostics.Debug (>= 4.0) - framework: dnxcore50
      System.Globalization (>= 4.0) - framework: dnxcore50
      System.Linq (>= 4.0) - framework: dnxcore50
      System.ObjectModel (>= 4.0) - framework: dnxcore50
      System.Reflection (>= 4.0) - framework: dnxcore50
      System.Reflection.Extensions (>= 4.0) - framework: dnxcore50
      System.Runtime (>= 4.0) - framework: dnxcore50
      System.Runtime.Extensions (>= 4.0) - framework: dnxcore50
      System.Text.RegularExpressions (>= 4.0) - framework: dnxcore50
      System.Threading.Tasks (>= 4.0) - framework: dnxcore50
    xunit.core (2.1)
      System.Collections (>= 4.0) - framework: dnxcore50
      System.Diagnostics.Debug (>= 4.0) - framework: dnxcore50
      System.Globalization (>= 4.0) - framework: dnxcore50
      System.Linq (>= 4.0) - framework: dnxcore50
      System.Reflection (>= 4.0) - framework: dnxcore50
      System.Reflection.Extensions (>= 4.0) - framework: dnxcore50
      System.Runtime (>= 4.0) - framework: dnxcore50
      System.Runtime.Extensions (>= 4.0) - framework: dnxcore50
      System.Threading.Tasks (>= 4.0) - framework: dnxcore50
      xunit.abstractions (>= 2.0) - framework: dnxcore50
      xunit.extensibility.core (2.1) - framework: >= net45, dnx451, dnxcore50, monoandroid, monotouch, portable-net45+win80+wp80+wpa81, xamarinios, winv4.5, wpv8.0, wpav8.1
      xunit.extensibility.execution (2.1) - framework: >= net45, dnx451, dnxcore50, monoandroid, monotouch, portable-net45+win80+wp80+wpa81, xamarinios, winv4.5, wpv8.0, wpav8.1
    xunit.extensibility.core (2.1) - framework: >= net45, dnx451, dnxcore50, monoandroid, monotouch, portable-net45+win80+wp80+wpa81, xamarinios, winv4.5, wpv8.0, wpav8.1
      xunit.abstractions (2.0)
    xunit.extensibility.execution (2.1) - framework: >= net45, dnx451, dnxcore50, monoandroid, monotouch, portable-net45+win80+wp80+wpa81, xamarinios, winv4.5, wpv8.0, wpav8.1
      System.Collections (>= 4.0) - framework: dnxcore50
      System.Diagnostics.Debug (>= 4.0) - framework: dnxcore50
      System.Globalization (>= 4.0) - framework: dnxcore50
      System.IO (>= 4.0) - framework: dnxcore50
      System.Linq (>= 4.0) - framework: dnxcore50
      System.Linq.Expressions (>= 4.0) - framework: dnxcore50
      System.Reflection (>= 4.0) - framework: dnxcore50
      System.Reflection.Extensions (>= 4.0) - framework: dnxcore50
      System.Runtime (>= 4.0) - framework: dnxcore50
      System.Runtime.Extensions (>= 4.0) - framework: dnxcore50
      System.Text.Encoding (>= 4.0) - framework: dnxcore50
      System.Threading (>= 4.0) - framework: dnxcore50
      System.Threading.Tasks (>= 4.0) - framework: dnxcore50
      xunit.abstractions (>= 2.0) - framework: dnxcore50
      xunit.extensibility.core (2.1) - framework: >= net45, dnx451, dnxcore50, monoandroid, monotouch, xamarinios, winv4.5, wpv8.0, wpav8.1
    xunit.runner.console (2.1)
