NUGET
  remote: https://nuget.org/api/v2
  specs:
    Fixie (1.0.0.33)
    FubuCore (1.3.0.278)
    Microsoft.Bcl (1.1.10)
      Microsoft.Bcl.Build (>= 1.0.14)
    Microsoft.Bcl.Build (1.0.21) - import_targets: false
    Microsoft.Net.Http (2.2.29)
      Microsoft.Bcl (>= 1.1.10)
      Microsoft.Bcl.Build (>= 1.0.14)
    Newtonsoft.Json (7.0.1)
    Npgsql (3.0.3)
    Octokit (0.16.0)
      Microsoft.Net.Http
    Remotion.Linq (2.0.0)
    Shouldly (2.6.0)
    Storyteller (3.0.0.280-alpha)
    structuremap (3.1.6.186)
